GEM
  remote: https://rubygems.org/
  specs:
    activesupport (3.2.19)
      i18n (~> 0.6, >= 0.6.4)
      multi_json (~> 1.0)
    bubble-wrap (1.7.0)
      bubble-wrap-http (= 1.7.0)
    bubble-wrap-http (1.7.0)
    colored (1.2)
    i18n (0.6.11)
    ib (0.4.9)
      thor (~> 0.15.4)
      tilt (~> 1.4.1)
      xcodeproj (~> 0.17)
    multi_json (1.10.1)
    rake (10.3.2)
    thor (0.15.4)
    tilt (1.4.1)
    turnkey (0.2.2)
    xcodeproj (0.17.0)
      activesupport (~> 3.0)
      colored (~> 1.2)

PLATFORMS
  ruby

DEPENDENCIES
  bubble-wrap
  ib
  rake
  turnkey
